GEM
  remote: http://rubygems.org/
  specs:
    rack-rewrite (1.2.1)

PLATFORMS
  ruby

DEPENDENCIES
  rack-rewrite
